PATH
  remote: .
  specs:
    resque_unit (0.4.8)
      json (>= 1.4.6)

GEM
  remote: https://rubygems.org/
  specs:
    json (1.8.0)
    rake (12.3.3)
    rdoc (4.1.1)
      json (~> 1.4)
    shoulda (2.11.3)

PLATFORMS
  ruby

DEPENDENCIES
  bundler
  rake
  rdoc
  resque_unit!
  shoulda
